GEM
  remote: https://rubygems.org/
  specs:
    mini_portile2 (2.5.3)
    nokogiri (1.11.7)
      mini_portile2 (~> 2.5.0)
      racc (~> 1.4)
    racc (1.5.2)
    roo (2.4.0)
      nokogiri (~> 1)
      rubyzip (~> 1.1, < 2.0.0)
    rubyzip (1.2.0)

PLATFORMS
  ruby

DEPENDENCIES
  roo

BUNDLED WITH
   1.11.2
